GEM
  remote: https://rubygems.org/
  specs:
    colorize (0.8.1)
    domain_name (0.5.20190701)
      unf (>= 0.0.5, < 1.0.0)
    dotenv (2.8.1)
    http-accept (1.7.0)
    http-cookie (1.0.5)
      domain_name (~> 0.5)
    json (2.6.3)
    mime-types (3.5.1)
      mime-types-data (~> 3.2015)
    mime-types-data (3.2023.1003)
    netrc (0.11.0)
    rest-client (2.1.0)
      http-accept (>= 1.7.0, < 2.0)
      http-cookie (>= 1.0.2, < 2.0)
      mime-types (>= 1.16, < 4.0)
      netrc (~> 0.8)
    terminal-table (3.0.2)
      unicode-display_width (>= 1.1.1, < 3)
    unf (0.1.4)
      unf_ext
    unf_ext (0.0.8.2)
    unicode-display_width (2.5.0)

PLATFORMS
  arm64-darwin-23

DEPENDENCIES
  colorize (~> 0.8.1)
  dotenv (~> 2.8, >= 2.8.1)
  json (~> 2.1)
  rest-client (~> 2.1)
  terminal-table (~> 3.0, >= 3.0.2)

BUNDLED WITH
   2.4.10
